PATH
  remote: .
  specs:
    faker (1.2.0)
      i18n (~> 0.5)

GEM
  remote: http://rubygems.org/
  specs:
    i18n (0.6.5)
    rake (13.0.3)
    test-unit (2.5.5)

PLATFORMS
  ruby

DEPENDENCIES
  faker!
  rake
  test-unit
