PATH
  remote: .
  specs:
    faker (1.2.0)
      i18n (>= 0.5, < 2.0)

GEM
  remote: http://rubygems.org/
  specs:
    concurrent-ruby (1.1.8)
    i18n (1.8.9)
      concurrent-ruby (~> 1.0)
    rake (10.1.0)
    test-unit (2.5.5)

PLATFORMS
  ruby

DEPENDENCIES
  faker!
  rake
  test-unit
